GEM
  specs:
    RedCloth (4.2.3)
    actionmailer (2.3.8)
      actionpack (= 2.3.8)
    actionpack (2.3.8)
      activesupport (= 2.3.8)
      rack (~> 1.1.0)
    activerecord (2.3.8)
      activesupport (= 2.3.8)
    activeresource (2.3.8)
      activesupport (= 2.3.8)
    activesupport (2.3.8)
    autotest (4.4.1)
    factory_girl (1.3.2)
    has_scope (0.5.0)
    inherited_resources (1.0.6)
      has_scope (~> 0.5.0)
      responders (~> 0.4.6)
    liquid (2.2.2)
    rack (1.1.0)
    rails (2.3.8)
      actionmailer (= 2.3.8)
      actionpack (= 2.3.8)
      activerecord (= 2.3.8)
      activeresource (= 2.3.8)
      activesupport (= 2.3.8)
      rake (>= 0.8.3)
    rake (0.8.7)
    rcov (0.9.8)
    remarkable (3.1.13)
      rspec (>= 1.2.0)
    remarkable_activerecord (3.1.13)
      remarkable (~> 3.1.13)
      rspec (>= 1.2.0)
    remarkable_rails (3.1.13)
      remarkable (~> 3.1.13)
      remarkable_activerecord (~> 3.1.13)
      rspec (>= 1.2.0)
      rspec-rails (>= 1.2.0)
    responders (0.4.7)
    rmagick (2.13.1)
    rspec (1.3.0)
    rspec-rails (1.3.2)
      rack (>= 1.0.0)
      rspec (>= 1.3.0)

PLATFORMS
  ruby

DEPENDENCIES
  RedCloth
  autotest
  factory_girl
  inherited_resources (= 1.0.6)
  liquid
  rails (= 2.3.8)
  rcov
  remarkable_rails
  rmagick
  rspec-rails (< 2)
