GEM
  remote: http://rubygems.org/
  specs:
    RedCloth (4.2.3)
    SyslogLogger (1.4.0)
      hoe (>= 1.2.0)
    actionmailer (2.3.8)
      actionpack (= 2.3.8)
    actionpack (2.3.8)
      activesupport (= 2.3.8)
      rack (~> 1.1.0)
    activerecord (2.3.8)
      activesupport (= 2.3.8)
    activeresource (2.3.8)
      activesupport (= 2.3.8)
    activesupport (2.3.8)
    acts-as-list (0.1.2)
    autotest (4.4.1)
    builder (3.0.0)
    configuration (1.2.0)
    cucumber (0.10.0)
      builder (>= 2.1.2)
      diff-lcs (~> 1.1.2)
      gherkin (~> 2.3.2)
      json (~> 1.4.6)
      term-ansicolor (~> 1.0.5)
    cucumber-rails (0.3.2)
      cucumber (>= 0.8.0)
    database_cleaner (0.6.0)
    diff-lcs (1.1.2)
    exception_notification (2.3.3.0)
    factory_girl (1.3.2)
    gherkin (2.3.3)
      json (~> 1.4.6)
    has_scope (0.5.0)
    hoe (2.8.0)
      rake (>= 0.8.7)
    inherited_resources (1.0.6)
      has_scope (~> 0.5.0)
      responders (~> 0.4.6)
    json (1.4.6)
    launchy (0.3.7)
      configuration (>= 0.0.5)
      rake (>= 0.8.1)
    liquid (2.2.2)
    nokogiri (1.4.4)
    pickle (0.4.4)
      cucumber (>= 0.8)
      rake
      rspec (>= 1.3)
      yard
    rack (1.1.0)
    rack-test (0.5.7)
      rack (>= 1.0)
    rails (2.3.8)
      actionmailer (= 2.3.8)
      actionpack (= 2.3.8)
      activerecord (= 2.3.8)
      activeresource (= 2.3.8)
      activesupport (= 2.3.8)
      rake (>= 0.8.3)
    rake (0.8.7)
    rcov (0.9.8)
    remarkable (3.1.13)
      rspec (>= 1.2.0)
    remarkable_activerecord (3.1.13)
      remarkable (~> 3.1.13)
      rspec (>= 1.2.0)
    remarkable_rails (3.1.13)
      remarkable (~> 3.1.13)
      remarkable_activerecord (~> 3.1.13)
      rspec (>= 1.2.0)
      rspec-rails (>= 1.2.0)
    responders (0.4.7)
    rmagick (2.13.1)
    rspec (1.3.0)
    rspec-rails (1.3.2)
      rack (>= 1.0.0)
      rspec (>= 1.3.0)
    sqlite3-ruby (1.3.2)
    term-ansicolor (1.0.5)
    webrat (0.7.3)
      nokogiri (>= 1.2.0)
      rack (>= 1.0)
      rack-test (>= 0.5.3)
    yard (0.6.4)

PLATFORMS
  ruby

DEPENDENCIES
  RedCloth
  SyslogLogger
  acts-as-list
  autotest
  cucumber
  cucumber-rails
  database_cleaner
  exception_notification
  factory_girl
  inherited_resources (= 1.0.6)
  launchy
  liquid
  pickle
  rails (= 2.3.8)
  rcov
  remarkable_rails
  rmagick
  rspec-rails (< 2)
  sqlite3-ruby
  webrat
